PATH
  remote: ../hooksler
  specs:
    hooksler (0.1.0)
      hashie
      multi_json
      rack

PATH
  remote: ../hooksler-newrelic
  specs:
    hooksler-newrelic (0.1.0)

PATH
  remote: ../hooksler-slack
  specs:
    hooksler-slack (0.1.0)
      httparty

PATH
  remote: ../hooksler-trello
  specs:
    hooksler-trello (0.1.0)
      i18n
      ruby-trello

GEM
  remote: https://rubygems.org/
  specs:
    activemodel (4.2.1)
      activesupport (= 4.2.1)
      builder (~> 3.1)
    activesupport (4.2.1)
      i18n (~> 0.7)
      json (~> 1.7, >= 1.7.7)
      minitest (~> 5.1)
      thread_safe (~> 0.3, >= 0.3.4)
      tzinfo (~> 1.1)
    addressable (2.3.8)
    awesome_print (1.6.1)
    builder (3.2.2)
    daemons (1.1.9)
    dotenv (2.0.1)
    eventmachine (1.0.7)
    ffi (1.9.8-x64-mingw32)
    hashie (3.4.2)
    httparty (0.13.5)
      json (~> 1.8)
      multi_xml (>= 0.5.2)
    i18n (0.7.0)
    json (1.8.3)
    mime-types (2.6.1)
    minitest (5.7.0)
    multi_json (1.11.1)
    multi_xml (0.5.5)
    netrc (0.10.3)
    oauth (0.4.7)
    rack (1.6.1)
    rest-client (1.7.3)
      mime-types (>= 1.16, < 3.0)
      netrc (~> 0.7)
    rest-client (1.7.3-x64-mingw32)
      ffi (~> 1.9)
      mime-types (>= 1.16, < 3.0)
      netrc (~> 0.7)
    ruby-trello (1.2.1)
      activemodel (>= 3.2.0)
      addressable (~> 2.3)
      json
      oauth (~> 0.4.5)
      rest-client (~> 1.7.2)
    thin (1.6.1)
      daemons (>= 1.0.9)
      eventmachine (>= 1.0.0)
      rack (>= 1.0.0)
    thread_safe (0.3.5)
    tzinfo (1.2.2)
      thread_safe (~> 0.1)

PLATFORMS
  ruby
  x64-mingw32

DEPENDENCIES
  awesome_print
  dotenv
  eventmachine
  hooksler!
  hooksler-newrelic!
  hooksler-slack!
  hooksler-trello!
  thin

BUNDLED WITH
   1.10.3
